GEM
  remote: https://rubygems.org/
  specs:
    benchmark (0.2.0)

PLATFORMS
  ruby

DEPENDENCIES
  benchmark

BUNDLED WITH
   2.0.2
